GEM
  remote: https://rubygems.org/
  specs:
    addressable (2.8.0)
      public_suffix (>= 2.0.2, < 5.0)
    ansi (1.5.0)
    ast (2.4.0)
    concurrent-ruby (1.1.3)
    declarative (0.0.20)
    domain_name (0.5.20180417)
      unf (>= 0.0.5, < 1.0.0)
    faraday (0.15.3)
      multipart-post (>= 1.2, < 3)
    faraday_middleware (0.12.2)
      faraday (>= 0.7.4, < 1.0)
    forecast_io (2.0.2)
      faraday
      hashie
      multi_json
    google-api-client (0.52.0)
      addressable (~> 2.5, >= 2.5.1)
      googleauth (~> 0.9)
      httpclient (>= 2.8.1, < 3.0)
      mini_mime (~> 1.0)
      representable (~> 3.0)
      retriable (>= 2.0, < 4.0)
      rexml
      signet (~> 0.12)
    googleauth (0.10.0)
      faraday (~> 0.12)
      jwt (>= 1.4, < 3.0)
      memoist (~> 0.16)
      multi_json (~> 1.11)
      os (>= 0.9, < 2.0)
      signet (~> 0.12)
    hashie (3.6.0)
    http (2.2.2)
      addressable (~> 2.3)
      http-cookie (~> 1.0)
      http-form_data (~> 1.0.1)
      http_parser.rb (~> 0.6.0)
    http-cookie (1.0.3)
      domain_name (~> 0.5)
    http-form_data (1.0.3)
    http_parser.rb (0.6.0)
    httpclient (2.8.3)
    json (2.3.1)
    jwt (2.2.3)
    memoist (0.16.2)
    mini_mime (1.1.0)
    multi_json (1.13.1)
    multipart-post (2.0.0)
    oga (2.15)
      ast
      ruby-ll (~> 2.1)
    os (1.1.1)
    public_suffix (4.0.6)
    redd (0.8.1)
      http (~> 2.1)
    representable (3.1.1)
      declarative (< 0.1.0)
      trailblazer-option (>= 0.1.1, < 0.2.0)
      uber (< 0.2.0)
    retriable (3.1.2)
    rexml (3.2.5)
    ruby-ll (2.1.2)
      ansi
      ast
    signet (0.12.0)
      addressable (~> 2.3)
      faraday (~> 0.9)
      jwt (>= 1.5, < 3.0)
      multi_json (~> 1.10)
    tabulo (2.2.0)
      tty-screen (= 0.7.0)
      unicode-display_width (= 1.6.0)
    trailblazer-option (0.1.1)
    tty-screen (0.7.0)
    twitch-api (0.3.0)
      faraday (>= 0.12.2)
      faraday_middleware (~> 0.12)
    uber (0.1.0)
    unf (0.1.4)
      unf_ext
    unf_ext (0.0.7.5)
    unf_ext (0.0.7.5-x64-mingw32)
    unf_ext (0.0.7.5-x86-mingw32)
    unicode-display_width (1.6.0)
    unicode-emoji (1.1.0)

PLATFORMS
  ruby
  x64-mingw32
  x86-mingw32

DEPENDENCIES
  concurrent-ruby (~> 1.0)
  forecast_io (~> 2.0)
  google-api-client (~> 0.37)
  googleauth (~> 0.10)
  json (>= 2.3)
  oga (~> 2.0)
  redd (= 0.8.1)
  tabulo (~> 2.2)
  twitch-api (>= 0.3.0)
  unicode-emoji (>= 1.1.0)

BUNDLED WITH
   1.17.1
