GEM
  remote: https://rubygems.org/
  specs:
    addressable (2.5.0)
      public_suffix (~> 2.0, >= 2.0.2)
    chronic_duration (0.10.6)
      numerizer (~> 0.1.1)
    concurrent-ruby (1.0.5)
    domain_name (0.5.20161129)
      unf (>= 0.0.5, < 1.0.0)
    faraday (0.11.0)
      multipart-post (>= 1.2, < 3)
    forecast_io (2.0.1)
      faraday
      hashie
      multi_json
    hashie (3.5.4)
    http (2.2.1)
      addressable (~> 2.3)
      http-cookie (~> 1.0)
      http-form_data (~> 1.0.1)
      http_parser.rb (~> 0.6.0)
    http-cookie (1.0.3)
      domain_name (~> 0.5)
    http-form_data (1.0.1)
    http_parser.rb (0.6.0)
    json (1.8.3)
    multi_json (1.12.1)
    multipart-post (2.0.0)
    numerizer (0.1.1)
    public_suffix (2.0.5)
    redd (0.8.1)
      http (~> 2.1)
    unf (0.1.4)
      unf_ext
    unf_ext (0.0.7.2-x64-mingw32)

PLATFORMS
  x64-mingw32
  x86-mingw32

DEPENDENCIES
  chronic_duration (>= 0.10.6)
  concurrent-ruby (~> 1.0)
  forecast_io (~> 2.0)
  json (>= 1.8)
  redd (= 0.8.1)

BUNDLED WITH
   1.14.3
