GEM
  remote: https://rubygems.org/
  specs:
    addressable (2.5.2)
      public_suffix (>= 2.0.2, < 4.0)
    concurrent-ruby (1.1.3)
    domain_name (0.5.20180417)
      unf (>= 0.0.5, < 1.0.0)
    faraday (0.15.3)
      multipart-post (>= 1.2, < 3)
    faraday_middleware (0.12.2)
      faraday (>= 0.7.4, < 1.0)
    forecast_io (2.0.2)
      faraday
      hashie
      multi_json
    hashie (3.6.0)
    http (2.2.2)
      addressable (~> 2.3)
      http-cookie (~> 1.0)
      http-form_data (~> 1.0.1)
      http_parser.rb (~> 0.6.0)
    http-cookie (1.0.3)
      domain_name (~> 0.5)
    http-form_data (1.0.3)
    http_parser.rb (0.6.0)
    json (2.1.0)
    multi_json (1.13.1)
    multipart-post (2.0.0)
    public_suffix (3.0.3)
    redd (0.8.1)
      http (~> 2.1)
    twitch-api (0.3.0)
      faraday (>= 0.12.2)
      faraday_middleware (~> 0.12)
    unf (0.1.4)
      unf_ext
    unf_ext (0.0.7.5-x64-mingw32)
    unf_ext (0.0.7.5-x86-mingw32)
    unicode-emoji (1.1.0)

PLATFORMS
  x64-mingw32
  x86-mingw32

DEPENDENCIES
  concurrent-ruby (~> 1.0)
  forecast_io (~> 2.0)
  json (>= 1.8)
  redd (= 0.8.1)
  twitch-api (>= 0.3.0)
  unicode-emoji (>= 1.1.0)

BUNDLED WITH
   1.14.3
