GEM
  remote: https://rubygems.org/
  specs:
    chronic_duration (0.10.6)
      numerizer (~> 0.1.1)
    faraday (0.11.0)
      multipart-post (>= 1.2, < 3)
    fastimage (2.1.0)
    hashie (3.5.4)
    json (1.8.3)
    multi_json (1.12.1)
    multipart-post (2.0.0)
    numerizer (0.1.1)
    oj (2.18.1)
    redd (0.7.10)
      faraday (~> 0.9)
      fastimage (~> 2.0)
      hashie (~> 3.4)
      multi_json (~> 1.12)

PLATFORMS
  x64-mingw32
  x86-mingw32

DEPENDENCIES
  chronic_duration (>= 0.10.6)
  json (>= 1.8)
  oj
  redd

BUNDLED WITH
   1.14.3
